GIT
  remote: git://github.com/tiemei/kuaipan.git
  revision: b836570e59eaf40767eaa4d470631ba4a8766c07
  ref: b836570e59e
  specs:
    kuaipan (0.0.1.beta.11)

GEM
  remote: http://rubygems.org/
  specs:
    haml (3.1.4)
    rack (1.4.1)
    rack-protection (1.2.0)
      rack
    sinatra (1.3.2)
      rack (~> 1.3, >= 1.3.6)
      rack-protection (~> 1.2)
      tilt (~> 1.3, >= 1.3.3)
    tilt (1.3.3)

PLATFORMS
  ruby

DEPENDENCIES
  haml
  kuaipan!
  sinatra
