GEM
  remote: http://rubygems.org/
  specs:
    haml (3.1.4)
    json (1.6.7)
    kuaipan (0.0.3)
      json (~> 1.6.6)
      rest-client
    mime-types (1.18)
    rack (1.4.1)
    rack-protection (1.2.0)
      rack
    rest-client (1.6.7)
      mime-types (>= 1.16)
    sinatra (1.3.2)
      rack (~> 1.3, >= 1.3.6)
      rack-protection (~> 1.2)
      tilt (~> 1.3, >= 1.3.3)
    tilt (1.3.3)

PLATFORMS
  ruby

DEPENDENCIES
  haml
  kuaipan
  sinatra
